PATH
  remote: .
  specs:
    geocoder (1.1.0)

GEM
  remote: http://rubygems.org/
  specs:

PLATFORMS
  ruby

DEPENDENCIES
  geocoder!
